GEM
  remote: https://rubygems.org/
  specs:
    diff-lcs (1.2.5)
    git_repository (0.0.11)
    httparty (0.13.3)
      json (~> 1.8)
      multi_xml (>= 0.5.2)
    json (1.8.2)
    minitest (4.7.5)
    multi_xml (0.5.5)
    peach (0.5.1)
    rake (10.4.2)
    rspec-expectations (3.2.1)
      diff-lcs (>= 1.2.0, < 2.0)
      rspec-support (~> 3.2.0)
    rspec-support (3.2.2)
    simple-rss (1.3.1)

PLATFORMS
  ruby

DEPENDENCIES
  git_repository
  httparty
  minitest (~> 4.0)
  peach
  rake
  rspec-expectations
  simple-rss

BUNDLED WITH
   1.10.1
